GEM
  remote: https://rubygems.org/
  specs:
    aws-sdk-v1 (1.66.0)
      json (~> 1.4)
      nokogiri (>= 1.4.4)
    cap-ec2 (1.0.0)
      aws-sdk-v1
      capistrano (>= 3.0)
      colorize
      terminal-table
    capistrano (3.4.0)
      i18n
      rake (>= 10.0.0)
      sshkit (~> 1.3)
    colorize (0.7.7)
    dotenv (2.1.0)
    i18n (0.7.0)
    json (1.8.3)
    mini_portile2 (2.0.0)
    net-scp (1.2.1)
      net-ssh (>= 2.6.5)
    net-ssh (3.0.2)
    nokogiri (1.6.7.1)
      mini_portile2 (~> 2.0.0.rc2)
    rake (10.5.0)
    rvm1-capistrano3 (1.4.0)
      capistrano (~> 3.0)
      sshkit (>= 1.2)
    sshkit (1.8.1)
      net-scp (>= 1.1.2)
      net-ssh (>= 2.8.0)
    terminal-table (1.5.2)

PLATFORMS
  ruby

DEPENDENCIES
  cap-ec2 (~> 1.0)
  dotenv
  rake
  rvm1-capistrano3

BUNDLED WITH
   1.11.2
